GIT
  remote: https://github.com/mojombo/jekyll.git
  revision: 005f58c9006be37f23a4d20f4d41401d675052d7
  specs:
    jekyll (0.12.0)
      classifier (~> 1.3)
      commander (~> 4.1.3)
      directory_watcher (~> 1.1)
      kramdown (~> 0.14)
      liquid (~> 2.3)
      maruku (~> 0.5)
      pygments.rb (~> 0.3.2)
      safe_yaml (~> 0.7)

GEM
  remote: https://rubygems.org/
  specs:
    RedCloth (4.2.9)
    chunky_png (1.2.7)
    classifier (1.3.3)
      fast-stemmer (>= 1.0.0)
    commander (4.1.3)
      highline (~> 1.6.11)
    compass (0.12.2)
      chunky_png (~> 1.2)
      fssm (>= 0.2.7)
      sass (~> 3.1)
    directory_watcher (1.4.1)
    fast-stemmer (1.0.2)
    foreman (0.62.0)
      thor (>= 0.13.6)
    fssm (0.2.10)
    highline (1.6.15)
    kramdown (0.14.2)
    liquid (2.5.0)
    maruku (0.6.1)
      syntax (>= 1.0.0)
    posix-spawn (0.3.6)
    pygments.rb (0.3.7)
      posix-spawn (~> 0.3.6)
      yajl-ruby (~> 1.1.0)
    rdiscount (2.0.7.1)
    safe_yaml (0.8.4)
    sass (3.2.7)
    syntax (1.0.0)
    thor (0.17.0)
    yajl-ruby (1.1.0)

PLATFORMS
  ruby

DEPENDENCIES
  RedCloth
  compass
  foreman
  jekyll!
  rdiscount
